PATH
  remote: ../../ruby
  specs:
    helix_runtime (0.5.0)

GEM
  specs:
    rake (10.4.2)

PLATFORMS
  ruby

DEPENDENCIES
  helix_runtime!
  rake (~> 10.0)

BUNDLED WITH
   1.10.6
