PATH
  remote: ../../ruby
  specs:
    helix_runtime (0.6.3)
      rake (>= 10.0)
      thor (~> 0.19.4)
      toml (~> 0.1.2)

GEM
  remote: https://rubygems.org/
  specs:
    blankslate (2.1.2.4)
    diff-lcs (1.2.5)
    parslet (1.5.0)
      blankslate (~> 2.0)
    rake (10.4.2)
    rspec (3.4.0)
      rspec-core (~> 3.4.0)
      rspec-expectations (~> 3.4.0)
      rspec-mocks (~> 3.4.0)
    rspec-core (3.4.1)
      rspec-support (~> 3.4.0)
    rspec-expectations (3.4.0)
      diff-lcs (>= 1.2.0, < 2.0)
      rspec-support (~> 3.4.0)
    rspec-mocks (3.4.0)
      diff-lcs (>= 1.2.0, < 2.0)
      rspec-support (~> 3.4.0)
    rspec-support (3.4.1)
    thor (0.19.4)
    toml (0.1.2)
      parslet (~> 1.5.0)

PLATFORMS
  ruby
  x64-mingw32
  x86-mingw32

DEPENDENCIES
  helix_runtime!
  rake (~> 10.0)
  rspec (~> 3.4)

BUNDLED WITH
   1.14.6
